GEM
  remote: https://rubygems.org/
  specs:
    rack (2.0.1)
    roda (2.24.0)
      rack
    slim (3.0.7)
      temple (~> 0.7.6)
      tilt (>= 1.3.3, < 2.1)
    temple (0.7.7)
    tilt (2.0.7)

PLATFORMS
  ruby

DEPENDENCIES
  roda
  slim

BUNDLED WITH
   1.13.0
